PATH
  remote: .
  specs:
    eater_atlas (0.1.6)
      chronic (~> 0.10)
      geocoder (~> 1.4)
      oga (~> 2.10)
      sinatra (~> 2.0.1)
      sinatra-activerecord (~> 2.0)
      sinatra-contrib (~> 2.0)

GEM
  remote: https://rubygems.org/
  specs:
    activemodel (6.0.3.1)
      activesupport (= 6.0.3.1)
    activerecord (6.0.3.1)
      activemodel (= 6.0.3.1)
      activesupport (= 6.0.3.1)
    activesupport (6.0.3.1)
      concurrent-ruby (~> 1.0, >= 1.0.2)
      i18n (>= 0.7, < 2)
      minitest (~> 5.1)
      tzinfo (~> 1.1)
      zeitwerk (~> 2.2, >= 2.2.2)
    ansi (1.5.0)
    ast (2.4.0)
    backports (3.17.2)
    chronic (0.10.2)
    concurrent-ruby (1.1.6)
    geocoder (1.6.3)
    i18n (1.8.2)
      concurrent-ruby (~> 1.0)
    minitest (5.14.1)
    multi_json (1.14.1)
    mustermann (1.1.1)
      ruby2_keywords (~> 0.0.1)
    oga (2.15)
      ast
      ruby-ll (~> 2.1)
    rack (2.2.3)
    rack-protection (2.0.8.1)
      rack
    rake (13.0.1)
    ruby-ll (2.1.2)
      ansi
      ast
    ruby2_keywords (0.0.2)
    sinatra (2.0.8.1)
      mustermann (~> 1.0)
      rack (~> 2.0)
      rack-protection (= 2.0.8.1)
      tilt (~> 2.0)
    sinatra-activerecord (2.0.18)
      activerecord (>= 4.1)
      sinatra (>= 1.0)
    sinatra-contrib (2.0.8.1)
      backports (>= 2.8.2)
      multi_json
      mustermann (~> 1.0)
      rack-protection (= 2.0.8.1)
      sinatra (= 2.0.8.1)
      tilt (~> 2.0)
    thread_safe (0.3.6)
    tilt (2.0.10)
    tzinfo (1.2.7)
      thread_safe (~> 0.1)
    zeitwerk (2.3.0)

PLATFORMS
  ruby

DEPENDENCIES
  bundler (~> 2.1)
  eater_atlas!
  rake (~> 13.0)

BUNDLED WITH
   2.1.4
